GEM
  remote: https://rubygems.org/
  specs:
    rack (1.5.2)
    sass (3.2.9)
    shotgun (0.9)
      rack (>= 1.0)

PLATFORMS
  ruby

DEPENDENCIES
  rack
  sass
  shotgun
