GEM
  remote: http://rubygems.org/
  specs:
    rack (1.5.2)
    sass (3.2.9)

PLATFORMS
  ruby

DEPENDENCIES
  rack
  sass
